{
  "Modality": "MR",
  "MagneticFieldStrength": 3,
  "ImagingFrequency": 123.261,
  "Manufacturer": "Siemens",
  "ManufacturersModelName": "Prisma",
  "InstitutionName": "York Neuro Imaging Centre",
  "InstitutionalDepartmentName": "Department",
  "InstitutionAddress": "Innovation Way  Heslington,York,District,GB,YO10 5NY",
  "DeviceSerialNumber": "66095",
  "StationName": "AWP66095",
  "BodyPartExamined": "BRAIN",
  "PatientPosition": "HFS",
  "ProcedureStepDescription": "P1432a",
  "SoftwareVersions": "syngo MR E11",
  "MRAcquisitionType": "2D",
  "SeriesDescription": "sym_TR1_MB4_run5_xpq435",
  "ProtocolName": "sym_TR1_MB4_run5_xpq435",
  "ScanningSequence": "EP",
  "SequenceVariant": "SK\\SS",
  "ScanOptions": "PFP\\FS\\EXT",
  "SequenceName": "epfid2d1_80",
  "ImageType": [
    "ORIGINAL",
    "PRIMARY",
    "M",
    "MB",
    "ND",
    "MOSAIC"
  ],
  "NonlinearGradientCorrection": false,
  "SeriesNumber": 23,
  "AcquisitionTime": "15:54:54.620000",
  "AcquisitionNumber": 1,
  "ImageComments": "Unaliased MB4/PE3/LB",
  "SliceThickness": 2.5,
  "SpacingBetweenSlices": 2.5,
  "SAR": 0.184084,
  "EchoTime": 0.03,
  "RepetitionTime": 1,
  "FlipAngle": 75,
  "PartialFourier": 0.875,
  "BaseResolution": 80,
  "ShimSetting": [
    -1186,
    -2945,
    -480,
    501,
    79,
    -186,
    -44,
    73
  ],
  "TxRefAmp": 287.874,
  "PhaseResolution": 1,
  "ReceiveCoilName": "HeadNeck_64",
  "ReceiveCoilActiveElements": "HC1-7",
  "PulseSequenceDetails": "%CustomerSeq%\\cmrr_mbep2d_bold",
  "WipMemBlock": "27a554e3-c63c-4e99-9147-27122e5961e0||Sequence: R016 ve11c/master r/e634e98; Dec 19 2017 11:00:25 by eja",
  "CoilCombinationMethod": "Sum of Squares",
  "ConsistencyInfo": "N4_VE11C_LATEST_20160120",
  "MatrixCoilMode": "SENSE",
  "MultibandAccelerationFactor": 4,
  "PercentPhaseFOV": 100,
  "PercentSampling": 100,
  "EchoTrainLength": 70,
  "PhaseEncodingSteps": 70,
  "AcquisitionMatrixPE": 80,
  "ReconMatrixPE": 80,
  "BandwidthPerPixelPhaseEncode": 18.382,
  "EffectiveEchoSpacing": 0.000680013,
  "DerivedVendorReportedEchoSpacing": 0.000680013,
  "TotalReadoutTime": 0.053721,
  "PixelBandwidth": 1785,
  "DwellTime": 3.5e-06,
  "PhaseEncodingDirection": "j-",
  "SliceTiming": [
    0,
    0.5275,
    0.075,
    0.6025,
    0.15,
    0.6775,
    0.225,
    0.7525,
    0.3,
    0.8275,
    0.375,
    0.9025,
    0.45,
    0,
    0.5275,
    0.075,
    0.6025,
    0.15,
    0.6775,
    0.225,
    0.7525,
    0.3,
    0.8275,
    0.375,
    0.9025,
    0.45,
    0,
    0.5275,
    0.075,
    0.6025,
    0.15,
    0.6775,
    0.225,
    0.7525,
    0.3,
    0.8275,
    0.375,
    0.9025,
    0.45,
    0,
    0.5275,
    0.075,
    0.6025,
    0.15,
    0.6775,
    0.225,
    0.7525,
    0.3,
    0.8275,
    0.375,
    0.9025,
    0.45
  ],
  "ImageOrientationPatientDICOM": [
    0.999564,
    1.18816e-06,
    -0.0295394,
    8.17627e-09,
    1,
    4.04995e-05
  ],
  "ImageOrientationText": "Tra>Sag(-1.7)>Cor(0.0)",
  "InPlanePhaseEncodingDirectionDICOM": "COL",
  "ConversionSoftware": "dcm2niix",
  "ConversionSoftwareVersion": "v1.0.20220720",
  "TaskName": "regularity"
}
