{
  "Modality": "MR",
  "MagneticFieldStrength": 3,
  "ImagingFrequency": 123.261,
  "Manufacturer": "Siemens",
  "ManufacturersModelName": "Prisma",
  "InstitutionName": "York Neuro Imaging Centre",
  "InstitutionalDepartmentName": "Department",
  "InstitutionAddress": "Innovation Way  Heslington,York,District,GB,YO10 5NY",
  "DeviceSerialNumber": "66095",
  "StationName": "AWP66095",
  "BodyPartExamined": "BRAIN",
  "PatientPosition": "HFS",
  "ProcedureStepDescription": "P1432a",
  "SoftwareVersions": "syngo MR E11",
  "MRAcquisitionType": "2D",
  "SeriesDescription": "sym_TR1_MB4_run2_xpq435",
  "ProtocolName": "sym_TR1_MB4_run2_xpq435",
  "ScanningSequence": "EP",
  "SequenceVariant": "SK\\SS",
  "ScanOptions": "PFP\\FS\\EXT",
  "SequenceName": "epfid2d1_80",
  "ImageType": [
    "ORIGINAL",
    "PRIMARY",
    "M",
    "MB",
    "ND",
    "MOSAIC"
  ],
  "NonlinearGradientCorrection": false,
  "SeriesNumber": 11,
  "AcquisitionTime": "13:49:14.580000",
  "AcquisitionNumber": 1,
  "ImageComments": "Unaliased MB4/PE3/LB",
  "SliceThickness": 2.5,
  "SpacingBetweenSlices": 2.5,
  "SAR": 0.155431,
  "EchoTime": 0.03,
  "RepetitionTime": 1,
  "FlipAngle": 75,
  "PartialFourier": 0.875,
  "BaseResolution": 80,
  "ShimSetting": [
    -1203,
    -2982,
    -450,
    534,
    44,
    -324,
    2,
    66
  ],
  "TxRefAmp": 259.302,
  "PhaseResolution": 1,
  "ReceiveCoilName": "HeadNeck_64",
  "ReceiveCoilActiveElements": "HC1-7",
  "PulseSequenceDetails": "%CustomerSeq%\\cmrr_mbep2d_bold",
  "WipMemBlock": "c565a771-b2c5-4208-9b1f-65460187b2ed||Sequence: R016 ve11c/master r/e634e98; Dec 19 2017 11:00:25 by eja",
  "CoilCombinationMethod": "Sum of Squares",
  "ConsistencyInfo": "N4_VE11C_LATEST_20160120",
  "MatrixCoilMode": "SENSE",
  "MultibandAccelerationFactor": 4,
  "PercentPhaseFOV": 100,
  "PercentSampling": 100,
  "EchoTrainLength": 70,
  "PhaseEncodingSteps": 70,
  "AcquisitionMatrixPE": 80,
  "ReconMatrixPE": 80,
  "BandwidthPerPixelPhaseEncode": 18.382,
  "EffectiveEchoSpacing": 0.000680013,
  "DerivedVendorReportedEchoSpacing": 0.000680013,
  "TotalReadoutTime": 0.053721,
  "PixelBandwidth": 1785,
  "DwellTime": 3.5e-06,
  "PhaseEncodingDirection": "j-",
  "SliceTiming": [
    0,
    0.5275,
    0.0775,
    0.605,
    0.1525,
    0.68,
    0.2275,
    0.755,
    0.3025,
    0.83,
    0.3775,
    0.905,
    0.4525,
    0,
    0.5275,
    0.0775,
    0.605,
    0.1525,
    0.68,
    0.2275,
    0.755,
    0.3025,
    0.83,
    0.3775,
    0.905,
    0.4525,
    0,
    0.5275,
    0.0775,
    0.605,
    0.1525,
    0.68,
    0.2275,
    0.755,
    0.3025,
    0.83,
    0.3775,
    0.905,
    0.4525,
    0,
    0.5275,
    0.0775,
    0.605,
    0.1525,
    0.68,
    0.2275,
    0.755,
    0.3025,
    0.83,
    0.3775,
    0.905,
    0.4525
  ],
  "ImageOrientationPatientDICOM": [
    0.99873,
    5.92e-06,
    -0.0503766,
    2.13169e-08,
    1,
    0.000117937
  ],
  "ImageOrientationText": "Tra>Sag(-2.9)>Cor(0.0)",
  "InPlanePhaseEncodingDirectionDICOM": "COL",
  "ConversionSoftware": "dcm2niix",
  "ConversionSoftwareVersion": "v1.0.20220720",
  "TaskName": "regularity"
}
