{
  "Modality": "MR",
  "MagneticFieldStrength": 3,
  "ImagingFrequency": 123.261,
  "Manufacturer": "Siemens",
  "ManufacturersModelName": "Prisma",
  "InstitutionName": "York Neuro Imaging Centre",
  "InstitutionalDepartmentName": "Department",
  "InstitutionAddress": "Innovation Way  Heslington,York,District,GB,YO10 5NY",
  "DeviceSerialNumber": "66095",
  "StationName": "AWP66095",
  "BodyPartExamined": "BRAIN",
  "PatientPosition": "HFS",
  "ProcedureStepDescription": "P1432a",
  "SoftwareVersions": "syngo MR E11",
  "MRAcquisitionType": "2D",
  "SeriesDescription": "sym_TR1_MB4_run1_xpq435",
  "ProtocolName": "sym_TR1_MB4_run1_xpq435",
  "ScanningSequence": "EP",
  "SequenceVariant": "SK\\SS",
  "ScanOptions": "PFP\\FS\\EXT",
  "SequenceName": "epfid2d1_80",
  "ImageType": [
    "ORIGINAL",
    "PRIMARY",
    "M",
    "MB",
    "ND",
    "MOSAIC"
  ],
  "NonlinearGradientCorrection": false,
  "SeriesNumber": 7,
  "AcquisitionTime": "13:36:58.562500",
  "AcquisitionNumber": 1,
  "ImageComments": "Unaliased MB4/PE3/LB",
  "SliceThickness": 2.5,
  "SpacingBetweenSlices": 2.5,
  "SAR": 0.115811,
  "EchoTime": 0.03,
  "RepetitionTime": 1,
  "FlipAngle": 75,
  "PartialFourier": 0.875,
  "BaseResolution": 80,
  "ShimSetting": [
    -1223,
    -2953,
    -512,
    420,
    -39,
    -226,
    -147,
    90
  ],
  "TxRefAmp": 238.056,
  "PhaseResolution": 1,
  "ReceiveCoilName": "HeadNeck_64",
  "ReceiveCoilActiveElements": "HC1-7",
  "PulseSequenceDetails": "%CustomerSeq%\\cmrr_mbep2d_bold",
  "WipMemBlock": "a69dad17-6dda-49f1-b5ec-1039a336de5f||Sequence: R016 ve11c/master r/e634e98; Dec 19 2017 11:00:25 by eja",
  "CoilCombinationMethod": "Sum of Squares",
  "ConsistencyInfo": "N4_VE11C_LATEST_20160120",
  "MatrixCoilMode": "SENSE",
  "MultibandAccelerationFactor": 4,
  "PercentPhaseFOV": 100,
  "PercentSampling": 100,
  "EchoTrainLength": 70,
  "PhaseEncodingSteps": 70,
  "AcquisitionMatrixPE": 80,
  "ReconMatrixPE": 80,
  "BandwidthPerPixelPhaseEncode": 18.382,
  "EffectiveEchoSpacing": 0.000680013,
  "DerivedVendorReportedEchoSpacing": 0.000680013,
  "TotalReadoutTime": 0.053721,
  "PixelBandwidth": 1785,
  "DwellTime": 3.5e-06,
  "PhaseEncodingDirection": "j-",
  "SliceTiming": [
    0,
    0.5275,
    0.075,
    0.6025,
    0.15,
    0.6775,
    0.225,
    0.7525,
    0.3,
    0.8275,
    0.3775,
    0.905,
    0.4525,
    0,
    0.5275,
    0.075,
    0.6025,
    0.15,
    0.6775,
    0.225,
    0.7525,
    0.3,
    0.8275,
    0.3775,
    0.905,
    0.4525,
    0,
    0.5275,
    0.075,
    0.6025,
    0.15,
    0.6775,
    0.225,
    0.7525,
    0.3,
    0.8275,
    0.3775,
    0.905,
    0.4525,
    0,
    0.5275,
    0.075,
    0.6025,
    0.15,
    0.6775,
    0.225,
    0.7525,
    0.3,
    0.8275,
    0.3775,
    0.905,
    0.4525
  ],
  "ImageOrientationPatientDICOM": [
    0.997078,
    2.07447e-05,
    -0.076391,
    2.36423e-08,
    1,
    0.000271868
  ],
  "ImageOrientationText": "Tra>Sag(-4.4)>Cor(0.0)",
  "InPlanePhaseEncodingDirectionDICOM": "COL",
  "ConversionSoftware": "dcm2niix",
  "ConversionSoftwareVersion": "v1.0.20220720",
  "TaskName": "luminance"
}
